GEM
  remote: https://rubygems.org/
  specs:
    atk (4.0.6)
      glib2 (= 4.0.6)
    cairo (1.17.8)
      native-package-installer (>= 1.0.3)
      pkg-config (>= 1.2.2)
      red-colors
    cairo-gobject (4.0.6)
      cairo (>= 1.16.2)
      glib2 (= 4.0.6)
    fiddle (1.1.1)
    gdk4 (4.0.6)
      cairo-gobject (= 4.0.6)
      gdk_pixbuf2 (= 4.0.6)
      pango (= 4.0.6)
    gdk_pixbuf2 (4.0.6)
      gio2 (= 4.0.6)
    gio2 (4.0.6)
      fiddle
      gobject-introspection (= 4.0.6)
    glib2 (4.0.6)
      native-package-installer (>= 1.0.3)
      pkg-config (>= 1.3.5)
    gobject-introspection (4.0.6)
      glib2 (= 4.0.6)
    gtk4 (4.0.6)
      atk (= 4.0.6)
      gdk4 (= 4.0.6)
    matrix (0.4.2)
    native-package-installer (1.1.5)
    pango (4.0.6)
      cairo-gobject (= 4.0.6)
      gobject-introspection (= 4.0.6)
    pkg-config (1.5.1)
    red-colors (0.3.0)
      matrix

PLATFORMS
  x86_64-linux

DEPENDENCIES
  gtk4

BUNDLED WITH
   2.3.26
