GEM
  remote: https://rubygems.org/
  specs:
    chunky_png (1.4.0)
    ffi (1.15.5)
    mittsu (0.4.0)
      chunky_png
      ffi
      opengl-bindings
    opengl-bindings (1.6.12)

PLATFORMS
  x86_64-linux

DEPENDENCIES
  mittsu

BUNDLED WITH
   2.3.11
