GEM
  remote: https://rubygems.org/
  specs:
    ffi (1.15.5)
    gtk (0.1.0)
      ffi

PLATFORMS
  x86_64-linux

DEPENDENCIES
  gtk

BUNDLED WITH
   2.3.26
